GEM
  remote: http://rubygems.org/
  specs:
    builder (3.2.2)
    childprocess (0.5.6)
      ffi (~> 1.0, >= 1.0.11)
    cucumber (1.3.18)
      builder (>= 2.1.2)
      diff-lcs (>= 1.1.3)
      gherkin (~> 2.12)
      multi_json (>= 1.7.5, < 2.0)
      multi_test (>= 0.1.1)
    diff-lcs (1.2.5)
    faker (1.4.3)
      i18n (~> 0.5)
    ffi (1.9.10)
    gherkin (2.12.2)
      multi_json (~> 1.3)
    i18n (0.7.0)
    multi_json (1.11.2)
    multi_test (0.1.1)
    parallel (1.3.3)
    parallel_tests (1.0.6)
      parallel
    rspec (3.1.0)
      rspec-core (~> 3.1.0)
      rspec-expectations (~> 3.1.0)
      rspec-mocks (~> 3.1.0)
    rspec-core (3.1.7)
      rspec-support (~> 3.1.0)
    rspec-expectations (3.1.2)
      diff-lcs (>= 1.2.0, < 2.0)
      rspec-support (~> 3.1.0)
    rspec-mocks (3.1.3)
      rspec-support (~> 3.1.0)
    rspec-support (3.1.2)
    rubyzip (1.1.7)
    selenium-webdriver (2.47.1)
      childprocess (~> 0.5)
      multi_json (~> 1.0)
      rubyzip (~> 1.0)
      websocket (~> 1.0)
    websocket (1.2.2)

PLATFORMS
  ruby

DEPENDENCIES
  cucumber
  faker
  parallel_tests
  rspec
  rspec-expectations
  selenium-webdriver (~> 2.47.1)
